PATH
  remote: .
  specs:
    swearjar (0.0.2)
      fuzzyhash (>= 0.0.11)

GEM
  remote: http://rubygems.org/
  specs:
    fuzzyhash (0.0.11)

PLATFORMS
  ruby

DEPENDENCIES
  swearjar!
